Brain Vision Data Exchange Header File Version 1.0
; Data created by the Vision Recorder

[Common Infos]
Codepage=UTF-8
DataFile=hert_teps_f3.eeg
MarkerFile=hert_teps_f3.vmrk
DataFormat=BINARY
; Data orientation: MULTIPLEXED=ch1,pt1, ch2,pt1 ...
DataOrientation=MULTIPLEXED
NumberOfChannels=64
; Sampling interval in microseconds
SamplingInterval=200

[Binary Infos]
BinaryFormat=INT_16

[Channel Infos]
; Each entry: Ch<Channel number>=<Name>,<Reference channel name>,
; <Resolution in "Unit">,<Unit>, Future extensions..
; Fields are delimited by commas, some fields might be omitted (empty).
; Commas in channel names are coded as "\1".
Ch1=Fp1,,0.1,µV
Ch2=Fp2,,0.1,µV
Ch3=F3,,0.1,µV
Ch4=F4,,0.1,µV
Ch5=C3,,0.1,µV
Ch6=C4,,0.1,µV
Ch7=P3,,0.1,µV
Ch8=P4,,0.1,µV
Ch9=O1,,0.1,µV
Ch10=O2,,0.1,µV
Ch11=F7,,0.1,µV
Ch12=F8,,0.1,µV
Ch13=T7,,0.1,µV
Ch14=T8,,0.1,µV
Ch15=P7,,0.1,µV
Ch16=P8,,0.1,µV
Ch17=Fz,,0.1,µV
Ch18=Cz,,0.1,µV
Ch19=Pz,,0.1,µV
Ch20=Iz,,0.1,µV
Ch21=FC1,,0.1,µV
Ch22=FC2,,0.1,µV
Ch23=CP1,,0.1,µV
Ch24=CP2,,0.1,µV
Ch25=FC5,,0.1,µV
Ch26=FC6,,0.1,µV
Ch27=CP5,,0.1,µV
Ch28=CP6,,0.1,µV
Ch29=TP9,,0.1,µV
Ch30=TP10,,0.1,µV
Ch31=HEOG,,0.1,µV
Ch32=VEOG,,0.1,µV
Ch33=F1,,0.1,µV
Ch34=F2,,0.1,µV
Ch35=C1,,0.1,µV
Ch36=C2,,0.1,µV
Ch37=P1,,0.1,µV
Ch38=P2,,0.1,µV
Ch39=AF3,,0.1,µV
Ch40=AF4,,0.1,µV
Ch41=FC3,,0.1,µV
Ch42=FC4,,0.1,µV
Ch43=CP3,,0.1,µV
Ch44=CP4,,0.1,µV
Ch45=PO3,,0.1,µV
Ch46=PO4,,0.1,µV
Ch47=F5,,0.1,µV
Ch48=F6,,0.1,µV
Ch49=C5,,0.1,µV
Ch50=C6,,0.1,µV
Ch51=P5,,0.1,µV
Ch52=P6,,0.1,µV
Ch53=AF7,,0.1,µV
Ch54=AF8,,0.1,µV
Ch55=FT7,,0.1,µV
Ch56=FT8,,0.1,µV
Ch57=TP7,,0.1,µV
Ch58=TP8,,0.1,µV
Ch59=PO7,,0.1,µV
Ch60=PO8,,0.1,µV
Ch61=Fpz,,0.1,µV
Ch62=CPz,,0.1,µV
Ch63=POz,,0.1,µV
Ch64=Oz,,0.1,µV

[Coordinates]
; Electrode Position File: C:\Users\medipol\Desktop\PERVİN ÇALIŞOĞLU\passive electrodes\BrainCap TMS\BrainCap TMS 64 Channel\BC-TMS-64.bvef
Ch1=1,-90,-72
Ch2=1,90,72
Ch3=1,-60,-51
Ch4=1,60,51
Ch5=1,-45,0
Ch6=1,45,0
Ch7=1,-60,51
Ch8=1,60,-51
Ch9=1,-90,72
Ch10=1,90,-72
Ch11=1,-90,-36
Ch12=1,90,36
Ch13=1,-90,0
Ch14=1,90,0
Ch15=1,-90,36
Ch16=1,90,-36
Ch17=1,45,90
Ch18=1,0,0
Ch19=1,45,-90
Ch20=1,112,-90
Ch21=1,-31,-46
Ch22=1,31,46
Ch23=1,-31,46
Ch24=1,31,-46
Ch25=1,-69,-21
Ch26=1,69,21
Ch27=1,-69,21
Ch28=1,69,-21
Ch29=1,-113,18
Ch30=1,113,-18
Ch31=0,0,0
Ch32=0,0,0
Ch33=1,-49,-68
Ch34=1,49,68
Ch35=1,-23,0
Ch36=1,23,0
Ch37=1,-49,68
Ch38=1,49,-68
Ch39=1,-74,-68
Ch40=1,74,68
Ch41=1,-49,-29
Ch42=1,49,29
Ch43=1,-49,29
Ch44=1,49,-29
Ch45=1,-74,68
Ch46=1,74,-68
Ch47=1,-74,-41
Ch48=1,74,41
Ch49=1,-68,0
Ch50=1,68,0
Ch51=1,-74,41
Ch52=1,74,-41
Ch53=1,-90,-54
Ch54=1,90,54
Ch55=1,-90,-18
Ch56=1,90,18
Ch57=1,-90,18
Ch58=1,90,-18
Ch59=1,-90,54
Ch60=1,90,-54
Ch61=1,90,90
Ch62=1,22,-90
Ch63=1,67,-90
Ch64=1,90,-90

[Comment]

BrainVision Recorder Professional   -   V. 1.21.0102


A m p l i f i e r  S e t u p
============================
Number of channels: 64
Sampling Rate [Hz]: 5000
Sampling Interval [µS]: 200

Channels
--------
#     Name      Phys. Chn.    Resolution / Unit   Low Cutoff [s]   High Cutoff [Hz]   Notch [Hz]    Series Res. [kOhm] Gradient         Offset
1     Fp1         1                0.1 µV             10             1000              Off               10                 
2     Fp2         2                0.1 µV             10             1000              Off               10                 
3     F3          3                0.1 µV             10             1000              Off               10                 
4     F4          4                0.1 µV             10             1000              Off               10                 
5     C3          5                0.1 µV             10             1000              Off               10                 
6     C4          6                0.1 µV             10             1000              Off               10                 
7     P3          7                0.1 µV             10             1000              Off               10                 
8     P4          8                0.1 µV             10             1000              Off               10                 
9     O1          9                0.1 µV             10             1000              Off               10                 
10    O2          10               0.1 µV             10             1000              Off               10                 
11    F7          11               0.1 µV             10             1000              Off               10                 
12    F8          12               0.1 µV             10             1000              Off               10                 
13    T7          13               0.1 µV             10             1000              Off               10                 
14    T8          14               0.1 µV             10             1000              Off               10                 
15    P7          15               0.1 µV             10             1000              Off               10                 
16    P8          16               0.1 µV             10             1000              Off               10                 
17    Fz          17               0.1 µV             10             1000              Off               10                 
18    Cz          18               0.1 µV             10             1000              Off               10                 
19    Pz          19               0.1 µV             10             1000              Off               10                 
20    Iz          20               0.1 µV             10             1000              Off               10                 
21    FC1         21               0.1 µV             10             1000              Off               10                 
22    FC2         22               0.1 µV             10             1000              Off               10                 
23    CP1         23               0.1 µV             10             1000              Off               10                 
24    CP2         24               0.1 µV             10             1000              Off               10                 
25    FC5         25               0.1 µV             10             1000              Off               10                 
26    FC6         26               0.1 µV             10             1000              Off               10                 
27    CP5         27               0.1 µV             10             1000              Off               10                 
28    CP6         28               0.1 µV             10             1000              Off               10                 
29    TP9         29               0.1 µV             10             1000              Off               10                 
30    TP10        30               0.1 µV             10             1000              Off               10                 
31    HEOG        31               0.1 µV             10             1000              Off               10                 
32    VEOG        32               0.1 µV             10             1000              Off               20                 
33    F1          33               0.1 µV             10             1000              Off               10                 
34    F2          34               0.1 µV             10             1000              Off               10                 
35    C1          35               0.1 µV             10             1000              Off               10                 
36    C2          36               0.1 µV             10             1000              Off               10                 
37    P1          37               0.1 µV             10             1000              Off               10                 
38    P2          38               0.1 µV             10             1000              Off               10                 
39    AF3         39               0.1 µV             10             1000              Off               10                 
40    AF4         40               0.1 µV             10             1000              Off               10                 
41    FC3         41               0.1 µV             10             1000              Off               10                 
42    FC4         42               0.1 µV             10             1000              Off               10                 
43    CP3         43               0.1 µV             10             1000              Off               10                 
44    CP4         44               0.1 µV             10             1000              Off               10                 
45    PO3         45               0.1 µV             10             1000              Off               10                 
46    PO4         46               0.1 µV             10             1000              Off               10                 
47    F5          47               0.1 µV             10             1000              Off               10                 
48    F6          48               0.1 µV             10             1000              Off               10                 
49    C5          49               0.1 µV             10             1000              Off               10                 
50    C6          50               0.1 µV             10             1000              Off               10                 
51    P5          51               0.1 µV             10             1000              Off               10                 
52    P6          52               0.1 µV             10             1000              Off               10                 
53    AF7         53               0.1 µV             10             1000              Off               10                 
54    AF8         54               0.1 µV             10             1000              Off               10                 
55    FT7         55               0.1 µV             10             1000              Off               10                 
56    FT8         56               0.1 µV             10             1000              Off               10                 
57    TP7         57               0.1 µV             10             1000              Off               10                 
58    TP8         58               0.1 µV             10             1000              Off               10                 
59    PO7         59               0.1 µV             10             1000              Off               10                 
60    PO8         60               0.1 µV             10             1000              Off               10                 
61    Fpz         61               0.1 µV             10             1000              Off               10                 
62    CPz         62               0.1 µV             10             1000              Off               10                 
63    POz         63               0.1 µV             10             1000              Off               10                 
64    Oz          64               0.1 µV             10             1000              Off               10                 

S o f t w a r e  F i l t e r s
==============================
#     Low Cutoff [s]   High Cutoff [Hz]   Notch [Hz]
1      Off              Off                Off
2      Off              Off                Off
3      Off              Off                Off
4      Off              Off                Off
5      Off              Off                Off
6      Off              Off                Off
7      Off              Off                Off
8      Off              Off                Off
9      Off              Off                Off
10     Off              Off                Off
11     Off              Off                Off
12     Off              Off                Off
13     Off              Off                Off
14     Off              Off                Off
15     Off              Off                Off
16     Off              Off                Off
17     Off              Off                Off
18     Off              Off                Off
19     Off              Off                Off
20     Off              Off                Off
21     Off              Off                Off
22     Off              Off                Off
23     Off              Off                Off
24     Off              Off                Off
25     Off              Off                Off
26     Off              Off                Off
27     Off              Off                Off
28     Off              Off                Off
29     Off              Off                Off
30     Off              Off                Off
31     Off              Off                Off
32     Off              Off                Off
33     Off              Off                Off
34     Off              Off                Off
35     Off              Off                Off
36     Off              Off                Off
37     Off              Off                Off
38     Off              Off                Off
39     Off              Off                Off
40     Off              Off                Off
41     Off              Off                Off
42     Off              Off                Off
43     Off              Off                Off
44     Off              Off                Off
45     Off              Off                Off
46     Off              Off                Off
47     Off              Off                Off
48     Off              Off                Off
49     Off              Off                Off
50     Off              Off                Off
51     Off              Off                Off
52     Off              Off                Off
53     Off              Off                Off
54     Off              Off                Off
55     Off              Off                Off
56     Off              Off                Off
57     Off              Off                Off
58     Off              Off                Off
59     Off              Off                Off
60     Off              Off                Off
61     Off              Off                Off
62     Off              Off                Off
63     Off              Off                Off
64     Off              Off                Off


Data Electrodes Selected Impedance Measurement Range: 0 - 100 kOhm
Impedance [kOhm] at 15:43:40 :
Fp1:        ???
Fp2:        ???
F3:         ???
F4:         ???
C3:         ???
C4:         ???
P3:         ???
P4:         ???
O1:         ???
O2:         ???
F7:         ???
F8:         ???
T7:         ???
T8:         ???
P7:         ???
P8:         ???
Fz:         ???
Cz:         ???
Pz:         ???
Iz:         ???
FC1:        ???
FC2:        ???
CP1:        ???
CP2:        ???
FC5:        ???
FC6:        ???
CP5:        ???
CP6:        ???
TP9:        ???
TP10:       ???
HEOG:       ???
VEOG:       ???
F1:         ???
F2:         ???
C1:         ???
C2:         ???
P1:         ???
P2:         ???
AF3:        ???
AF4:        ???
FC3:        ???
FC4:        ???
CP3:        ???
CP4:        ???
PO3:        ???
PO4:        ???
F5:         ???
F6:         ???
C5:         ???
C6:         ???
P5:         ???
P6:         ???
AF7:        ???
AF8:        ???
FT7:        ???
FT8:        ???
TP7:        ???
TP8:        ???
PO7:        ???
PO8:        ???
Fpz:        ???
CPz:        ???
POz:        ???
Oz:         ???
Ref:          0
Gnd:          0
